PATH
  remote: .
  specs:
    debut (0.0.1)
      fog (>= 1)
      gli (>= 2.7)

GEM
  remote: https://rubygems.org/
  specs:
    builder (3.2.2)
    excon (0.23.0)
    fog (1.12.1)
      builder
      excon (~> 0.23.0)
      formatador (~> 0.2.0)
      mime-types
      multi_json (~> 1.0)
      net-scp (~> 1.1)
      net-ssh (>= 2.1.3)
      nokogiri (~> 1.5.0)
      ruby-hmac
    formatador (0.2.4)
    gli (2.7.0)
    mime-types (1.23)
    multi_json (1.7.8)
    net-scp (1.1.2)
      net-ssh (>= 2.6.5)
    net-ssh (2.6.8)
    nokogiri (1.5.10)
    rake (10.1.0)
    ruby-hmac (0.4.0)
    shindo (0.3.6)
      formatador (>= 0.1.1)

PLATFORMS
  ruby

DEPENDENCIES
  debut!
  rake
  shindo (~> 0.3.6)
